{
	"CapManufacturer":"n/a",
	"CapManufacturersModelName":"n/a",
	"ContinuousHeadLocalization":false,
	"DeviceSerialNumber":"n/a",
	"DewarPosition":"supine",
	"DigitizedHeadPoints":true,
	"DigitizedLandmarks":true,
	"ECGChannelCount":0,
	"ECOGChannelCount":0,
	"EEGChannelCount":0,
	"EEGPlacementScheme":"F3FzF4C3CzC4",
	"EEGReference":"right mastoid",
	"EMGChannelCount":0,
	"EOGChannelCount":0,
	"HardwareFilters":"n/a",
	"InstitutionAddress":"Abbestrasse 12 Berlin",
	"InstitutionName":"Physikalisch Technische Bundesanstalt, Charite Universitaetsmedizin Berlin",
	"MEGChannelCount":125,
	"MEGREFChannelCount":3,
	"Manufacturer":"Yokogawa",
	"ManufacturersModelName":"n/a",
	"MiscChannelCount":32,
	"PowerLineFrequency":50,
	"RecordingDuration":60,
	"RecordingType":"continuous",
	"SEEGChannelCount":0,
	"SamplingFrequency":5000,
	"SoftwareFilters":"n/a",
	"TaskDescription":"In this phantom setup, there is an inflatable box underneath the gelatine phantom that is filled with air in a fixed time distance of 2 seconds very briefly and simulates physiological movement like the heart beat pulsation. Movement is turned on or off according to the respective task label (mov). Additionally, an electric dipole is activated or turned off at 13 Hz or 7 Hz frequency respectively.",
	"TaskName":"dip13mov",
	"TriggerChannelCount":0
}
